GEM
  specs:
    sass (3.4.22)

PLATFORMS
  x86-mingw32

DEPENDENCIES
  sass (~> 3.4, >= 3.4.22)

BUNDLED WITH
   1.10.6
